GEM
  remote: https://rubygems.org/
  specs:
    mini_portile2 (2.8.5)
    nokogiri (1.16.3)
      mini_portile2 (~> 2.8.2)
      racc (~> 1.4)
    nokogiri (1.16.3-x64-mingw32)
      racc (~> 1.4)
    racc (1.7.3)
    rubyXL (3.3.31)
      nokogiri (>= 1.4.4)
      rubyzip (>= 1.1.6)
    rubyzip (2.0.0)

PLATFORMS
  ruby
  x64-mingw32

DEPENDENCIES
  rubyXL

BUNDLED WITH
   1.17.2
